GEM
  remote: https://rubygems.org/
  specs:
    concurrent-ruby (0.9.2)
    exec-simple (0.1.2)
      concurrent-ruby (~> 0.5)

PLATFORMS
  ruby

DEPENDENCIES
  exec-simple

BUNDLED WITH
   2.1.4
